GEM
  remote: http://rubygems.org/
  specs:
    rake (12.3.3)
    sass (3.1.0.alpha.249)

PLATFORMS
  ruby

DEPENDENCIES
  rake
  sass (= 3.1.0.alpha.249)
